GEM
  remote: https://rubygems.org/
  specs:
    base64 (0.2.0)
    diff-lcs (1.5.1)
    hashie (5.0.0)
    icalendar (2.11.0)
      base64
      ice_cube (~> 0.16)
      logger
      ostruct
    ice_cube (0.17.0)
    logger (1.7.0)
    ostruct (0.6.1)
    rake (13.2.1)
    rspec (3.13.0)
      rspec-core (~> 3.13.0)
      rspec-expectations (~> 3.13.0)
      rspec-mocks (~> 3.13.0)
    rspec-core (3.13.0)
      rspec-support (~> 3.13.0)
    rspec-expectations (3.13.0)
      diff-lcs (>= 1.2.0, < 2.0)
      rspec-support (~> 3.13.0)
    rspec-mocks (3.13.0)
      diff-lcs (>= 1.2.0, < 2.0)
      rspec-support (~> 3.13.0)
    rspec-support (3.13.0)
    rspec-temp_dir (1.1.1)
      rspec (>= 3.0)

PLATFORMS
  ruby

DEPENDENCIES
  base64
  hashie
  icalendar
  logger
  rake
  rspec
  rspec-temp_dir

BUNDLED WITH
   2.5.3
