GIT
  remote: https://github.com/sue445/icalendar
  revision: d42170b393c24a1174418397662431ed5e927bce
  branch: ruby_3.4
  specs:
    icalendar (2.10.3)
      base64
      ice_cube (~> 0.16)
      logger
      ostruct

GEM
  remote: https://rubygems.org/
  specs:
    base64 (0.2.0)
    diff-lcs (1.5.1)
    hashie (5.0.0)
    ice_cube (0.17.0)
    logger (1.6.4)
    ostruct (0.6.1)
    rake (13.2.1)
    rspec (3.13.0)
      rspec-core (~> 3.13.0)
      rspec-expectations (~> 3.13.0)
      rspec-mocks (~> 3.13.0)
    rspec-core (3.13.0)
      rspec-support (~> 3.13.0)
    rspec-expectations (3.13.0)
      diff-lcs (>= 1.2.0, < 2.0)
      rspec-support (~> 3.13.0)
    rspec-mocks (3.13.0)
      diff-lcs (>= 1.2.0, < 2.0)
      rspec-support (~> 3.13.0)
    rspec-support (3.13.0)
    rspec-temp_dir (1.1.1)
      rspec (>= 3.0)

PLATFORMS
  ruby

DEPENDENCIES
  hashie
  icalendar!
  rake
  rspec
  rspec-temp_dir

BUNDLED WITH
   2.5.3
